PATH
  remote: .
  specs:
    hardwired (0.1)
      RedCloth (~> 4.2)
      haml
      rdiscount (~> 1.6)
      sass
      shotgun (>= 0.8)
      sinatra (>= 1.3.3)
      sinatra-contrib
      tilt

GEM
  remote: http://rubygems.org/
  specs:
    RedCloth (4.2.9)
    backports (2.6.5)
    eventmachine (1.0.0)
    haml (3.1.7)
    hoe (3.1.1)
      rake (~> 0.8)
    hpricot (0.8.4)
    rack (1.4.1)
    rack-protection (1.2.0)
      rack
    rack-test (0.6.1)
      rack (>= 1.0)
    rake (0.9.2.2)
    rdiscount (1.6.8)
    rspec (1.3.0)
    rspec_hpricot_matchers (1.0)
    sass (3.2.2)
    shotgun (0.9)
      rack (>= 1.0)
    sinatra (1.3.3)
      rack (~> 1.3, >= 1.3.6)
      rack-protection (~> 1.2)
      tilt (~> 1.3, >= 1.3.3)
    sinatra-contrib (1.3.2)
      backports (>= 2.0)
      eventmachine
      rack-protection
      rack-test
      sinatra (~> 1.3.0)
      tilt (~> 1.3)
    test-unit (1.2.3)
      hoe (>= 1.5.1)
    tilt (1.3.3)

PLATFORMS
  ruby

DEPENDENCIES
  hardwired!
  hpricot (= 0.8.4)
  rack-test (= 0.6.1)
  rspec (= 1.3.0)
  rspec_hpricot_matchers (= 1.0)
  test-unit (= 1.2.3)
