PATH
  remote: .
  specs:
    hardwired (0.3.1)
      nokogiri
      sinatra (>= 1.3.3)
      tilt

GEM
  remote: http://rubygems.org/
  specs:
    minitest (4.4.0)
    nokogiri (1.5.6)
    rack (1.4.4)
    rack-protection (1.3.2)
      rack
    rack-test (0.6.2)
      rack (>= 1.0)
    sinatra (1.3.3)
      rack (~> 1.3, >= 1.3.6)
      rack-protection (~> 1.2)
      tilt (~> 1.3, >= 1.3.3)
    tilt (1.3.3)

PLATFORMS
  ruby

DEPENDENCIES
  hardwired!
  minitest
  rack-test
